NUGET
  remote: https://www.nuget.org/api/v2
  specs:
    Antlr (3.4.1.9004)
    bootstrap (3.0.0)
      jQuery (>= 1.9.0)
    jQuery (1.10.2)
    jQuery.Validation (1.11.1)
      jQuery (>= 1.4.4)
    log4net (2.0.3)
    Microsoft.AspNet.Mvc (5.2.2)
      Microsoft.AspNet.Razor (>= 3.2.2 < 3.3.0)
      Microsoft.AspNet.WebPages (>= 3.2.2 < 3.3.0)
    Microsoft.AspNet.Razor (3.2.2)
    Microsoft.AspNet.Web.Optimization (1.1.3)
      Microsoft.Web.Infrastructure (>= 1.0.0)
      WebGrease (>= 1.5.2)
    Microsoft.AspNet.WebPages (3.2.2)
      Microsoft.AspNet.Razor (>= 3.2.2 < 3.3.0)
      Microsoft.Web.Infrastructure (>= 1.0.0.0)
    Microsoft.jQuery.Unobtrusive.Validation (3.2.2)
      jQuery (>= 1.8)
      jQuery.Validation (>= 1.8)
    Microsoft.Web.Infrastructure (1.0.0.0)
    Modernizr (2.6.2)
    Newtonsoft.Json (6.0.4)
    NuGet.CommandLine (2.8.3)
    NUnit (2.6.4)
    RabbitMQ.Client (3.6.0)
    Respond (1.2.0)
    SharpTestsEx (1.1.1)
    WebGrease (1.5.2)
      Antlr (>= 3.4.1.9004)
      Newtonsoft.Json (>= 5.0.4)
